PATH
  remote: .
  specs:
    publisher-s3 (0.0.1)

GEM
  remote: https://rubygems.org/
  specs:
    aws-s3 (0.6.3)
      builder
      mime-types
      xml-simple
    bugsnag (1.8.4)
      httparty (>= 0.6, < 1.0)
      multi_json (~> 1.0)
    builder (3.2.2)
    httparty (0.13.0)
      json (~> 1.8)
      multi_xml (>= 0.5.2)
    json (1.8.1)
    mime-types (2.3)
    multi_json (1.10.1)
    multi_xml (0.5.5)
    rake (10.3.2)
    xml-simple (1.1.3)

PLATFORMS
  ruby

DEPENDENCIES
  aws-s3
  bugsnag
  bundler (~> 1.3)
  publisher-s3!
  rake
